PATH
  remote: .
  specs:
    esgil (0.1.0)

GEM
  remote: https://rubygems.org/
  specs:
    diff-lcs (1.5.0)
    git (1.11.0)
      rchardet (~> 1.8)
    rake (13.0.6)
    rchardet (1.8.0)
    rspec (3.11.0)
      rspec-core (~> 3.11.0)
      rspec-expectations (~> 3.11.0)
      rspec-mocks (~> 3.11.0)
    rspec-core (3.11.0)
      rspec-support (~> 3.11.0)
    rspec-expectations (3.11.0)
      diff-lcs (>= 1.2.0, < 2.0)
      rspec-support (~> 3.11.0)
    rspec-mocks (3.11.1)
      diff-lcs (>= 1.2.0, < 2.0)
      rspec-support (~> 3.11.0)
    rspec-support (3.11.0)

PLATFORMS
  x86_64-darwin-20

DEPENDENCIES
  esgil!
  git (~> 1.11)
  rake (~> 13.0)
  rspec (~> 3.0)

BUNDLED WITH
   2.3.14
